GIT
  remote: https://github.com/bellycard/belly_platform.git
  revision: 34dd34f71897560e0e146f0b7fcdf08cdef226aa
  specs:
    belly_platform (0.0.11)
      dotenv
      grape
      grape-swagger
      logging
      octokit (~> 1.25)
      rake
      unicorn

GEM
  remote: https://rubygems.org/
  specs:
    activemodel (3.2.13)
      activesupport (= 3.2.13)
      builder (~> 3.0.0)
    activerecord (3.2.13)
      activemodel (= 3.2.13)
      activesupport (= 3.2.13)
      arel (~> 3.0.2)
      tzinfo (~> 0.3.29)
    activesupport (3.2.13)
      i18n (= 0.6.1)
      multi_json (~> 1.0)
    addressable (2.3.5)
    arel (3.0.2)
    backports (3.3.3)
    builder (3.0.4)
    coderay (1.0.9)
    descendants_tracker (0.0.1)
    diff-lcs (1.2.4)
    dotenv (0.8.0)
    ethon (0.6.1)
      ffi (>= 1.3.0)
      mime-types (~> 1.18)
    faraday (0.8.8)
      multipart-post (~> 1.2.0)
    faraday_middleware (0.9.0)
      faraday (>= 0.7.4, < 0.9)
    ffi (1.9.0)
    grape (0.5.0)
      activesupport
      builder
      hashie (>= 1.2.0)
      multi_json (>= 1.3.2)
      multi_xml (>= 0.5.2)
      rack (>= 1.3.0)
      rack-accept
      rack-mount
      virtus
    grape-swagger (0.6.0)
      grape (>= 0.2.0)
      kramdown
    hashie (2.0.5)
    honeybadger (1.8.0)
      json
    i18n (0.6.1)
    json (1.8.0)
    kgio (2.8.0)
    kramdown (1.1.0)
    little-plugger (1.1.3)
    logging (1.8.1)
      little-plugger (>= 1.1.3)
      multi_json (>= 1.3.6)
    method_source (0.8.2)
    mime-types (1.24)
    multi_json (1.7.9)
    multi_xml (0.5.5)
    multipart-post (1.2.0)
    mysql2 (0.3.13)
    netrc (0.7.7)
    octokit (1.25.0)
      addressable (~> 2.2)
      faraday (~> 0.8)
      faraday_middleware (~> 0.9)
      hashie (~> 2.0)
      multi_json (~> 1.3)
      netrc (~> 0.7.7)
    pry (0.9.12.2)
      coderay (~> 1.0.5)
      method_source (~> 0.8)
      slop (~> 3.4)
    rack (1.5.2)
    rack-accept (0.4.5)
      rack (>= 0.4)
    rack-cors (0.2.8)
      rack
    rack-mount (0.8.3)
      rack (>= 1.0.0)
    rack-test (0.6.2)
      rack (>= 1.0)
    raindrops (0.11.0)
    rake (10.1.0)
    rspec (2.14.1)
      rspec-core (~> 2.14.0)
      rspec-expectations (~> 2.14.0)
      rspec-mocks (~> 2.14.0)
    rspec-core (2.14.5)
    rspec-expectations (2.14.2)
      diff-lcs (>= 1.1.3, < 2.0)
    rspec-mocks (2.14.3)
    shotgun (0.9)
      rack (>= 1.0)
    slop (3.4.6)
    typhoeus (0.6.5)
      ethon (~> 0.6.1)
    tzinfo (0.3.37)
    unicorn (4.6.3)
      kgio (~> 2.6)
      rack
      raindrops (~> 0.7)
    virtus (0.5.5)
      backports (~> 3.3)
      descendants_tracker (~> 0.0.1)

PLATFORMS
  ruby

DEPENDENCIES
  activerecord (= 3.2.13)
  belly_platform!
  honeybadger
  json
  mysql2
  pry
  rack-cors
  rack-test
  rspec
  shotgun
  typhoeus
